GEM
  remote: https://rubygems.org/
  specs:
    actioncable (6.0.4.4)
      actionpack (= 6.0.4.4)
      nio4r (~> 2.0)
      websocket-driver (>= 0.6.1)
    actionmailbox (6.0.4.4)
      actionpack (= 6.0.4.4)
      activejob (= 6.0.4.4)
      activerecord (= 6.0.4.4)
      activestorage (= 6.0.4.4)
      activesupport (= 6.0.4.4)
      mail (>= 2.7.1)
    actionmailer (6.0.4.4)
      actionpack (= 6.0.4.4)
      actionview (= 6.0.4.4)
      activejob (= 6.0.4.4)
      mail (~> 2.5, >= 2.5.4)
      rails-dom-testing (~> 2.0)
    actionpack (6.0.4.4)
      actionview (= 6.0.4.4)
      activesupport (= 6.0.4.4)
      rack (~> 2.0, >= 2.0.8)
      rack-test (>= 0.6.3)
      rails-dom-testing (~> 2.0)
      rails-html-sanitizer (~> 1.0, >= 1.2.0)
    actiontext (6.0.4.4)
      actionpack (= 6.0.4.4)
      activerecord (= 6.0.4.4)
      activestorage (= 6.0.4.4)
      activesupport (= 6.0.4.4)
      nokogiri (>= 1.8.5)
    actionview (6.0.4.4)
      activesupport (= 6.0.4.4)
      builder (~> 3.1)
      erubi (~> 1.4)
      rails-dom-testing (~> 2.0)
      rails-html-sanitizer (~> 1.1, >= 1.2.0)
    active_storage_validations (0.9.6)
      activejob (>= 5.2.0)
      activemodel (>= 5.2.0)
      activestorage (>= 5.2.0)
      activesupport (>= 5.2.0)
    activejob (6.0.4.4)
      activesupport (= 6.0.4.4)
      globalid (>= 0.3.6)
    activemodel (6.0.4.4)
      activesupport (= 6.0.4.4)
    activerecord (6.0.4.4)
      activemodel (= 6.0.4.4)
      activesupport (= 6.0.4.4)
    activestorage (6.0.4.4)
      actionpack (= 6.0.4.4)
      activejob (= 6.0.4.4)
      activerecord (= 6.0.4.4)
      marcel (~> 1.0.0)
    activesupport (6.0.4.4)
      concurrent-ruby (~> 1.0, >= 1.0.2)
      i18n (>= 0.7, < 2)
      minitest (~> 5.1)
      tzinfo (~> 1.1)
      zeitwerk (~> 2.2, >= 2.2.2)
    addressable (2.8.7)
      public_suffix (>= 2.0.2, < 7.0)
    airbrussh (1.4.0)
      sshkit (>= 1.6.1, != 1.7.0)
    autoprefixer-rails (10.4.2.0)
      execjs (~> 2)
    aws-eventstream (1.2.0)
    aws-partitions (1.553.0)
    aws-sdk-core (3.126.0)
      aws-eventstream (~> 1, >= 1.0.2)
      aws-partitions (~> 1, >= 1.525.0)
      aws-sigv4 (~> 1.1)
      jmespath (~> 1.0)
    aws-sdk-kms (1.54.0)
      aws-sdk-core (~> 3, >= 3.126.0)
      aws-sigv4 (~> 1.1)
    aws-sdk-s3 (1.112.0)
      aws-sdk-core (~> 3, >= 3.126.0)
      aws-sdk-kms (~> 1)
      aws-sigv4 (~> 1.4)
    aws-sigv4 (1.4.0)
      aws-eventstream (~> 1, >= 1.0.2)
    base64 (0.3.0)
    bcrypt (3.1.16)
    bigdecimal (3.1.9)
    bindex (0.8.1)
    bootsnap (1.18.4)
      msgpack (~> 1.2)
    builder (3.2.4)
    byebug (11.1.3)
    capistrano (3.16.0)
      airbrussh (>= 1.0.0)
      i18n
      rake (>= 10.0.0)
      sshkit (>= 1.9.0)
    capistrano-bundler (2.0.1)
      capistrano (~> 3.1)
    capistrano-db-tasks (0.6)
      capistrano (>= 3.0.0)
    capistrano-passenger (0.2.1)
      capistrano (~> 3.0)
    capistrano-rails (1.6.1)
      capistrano (~> 3.1)
      capistrano-bundler (>= 1.1, < 3)
    capistrano-rbenv (2.2.0)
      capistrano (~> 3.1)
      sshkit (~> 1.3)
    capistrano3-puma (5.2.0)
      capistrano (~> 3.7)
      capistrano-bundler
      puma (>= 4.0, < 6.0)
    chartkick (4.1.3)
    childprocess (4.1.0)
    chunky_png (1.4.0)
    concurrent-ruby (1.1.9)
    crass (1.0.6)
    csv (3.3.5)
    csv-xlsx-converter (0.0.3)
      rubyXL (~> 3.3)
    database_cleaner (2.0.1)
      database_cleaner-active_record (~> 2.0.0)
    database_cleaner-active_record (2.0.1)
      activerecord (>= 5.a)
      database_cleaner-core (~> 2.0.0)
    database_cleaner-core (2.0.1)
    erubi (1.10.0)
    execjs (2.8.1)
    ferrum (0.17.1)
      addressable (~> 2.5)
      base64 (~> 0.2)
      concurrent-ruby (~> 1.1)
      webrick (~> 1.7)
      websocket-driver (~> 0.7)
    ffi (1.15.5)
    globalid (1.0.0)
      activesupport (>= 5.0)
    httparty (0.23.1)
      csv
      mini_mime (>= 1.0.0)
      multi_xml (>= 0.5.2)
    i18n (1.9.1)
      concurrent-ruby (~> 1.0)
    image_processing (1.12.1)
      mini_magick (>= 4.9.5, < 5)
      ruby-vips (>= 2.0.17, < 3)
    jbuilder (2.11.5)
      actionview (>= 5.0.0)
      activesupport (>= 5.0.0)
    jmespath (1.5.0)
    jquery-rails (4.4.0)
      rails-dom-testing (>= 1, < 3)
      railties (>= 4.2.0)
      thor (>= 0.14, < 2.0)
    listen (3.7.1)
      rb-fsevent (~> 0.10, >= 0.10.3)
      rb-inotify (~> 0.9, >= 0.9.10)
    loofah (2.13.0)
      crass (~> 1.0.2)
      nokogiri (>= 1.5.9)
    mail (2.7.1)
      mini_mime (>= 0.1.1)
    marcel (1.0.2)
    materialize-sass (1.0.0.1)
      autoprefixer-rails (>= 6.0.3)
    matrix (0.4.2)
    method_source (1.0.0)
    mini_magick (4.11.0)
    mini_mime (1.1.2)
    mini_portile2 (2.7.1)
    minitest (5.15.0)
    msgpack (1.7.3)
    multi_xml (0.6.0)
    net-scp (3.0.0)
      net-ssh (>= 2.6.5, < 7.0.0)
    net-ssh (6.1.0)
    nio4r (2.5.8)
    nokogiri (1.13.1)
      mini_portile2 (~> 2.7.0)
      racc (~> 1.4)
    pdf-core (0.10.0)
    pg (1.3.1)
    prawn (2.5.0)
      matrix (~> 0.4)
      pdf-core (~> 0.10.0)
      ttfunk (~> 1.8)
    prawn-table (0.2.2)
      prawn (>= 1.3.0, < 3.0.0)
    public_suffix (5.1.1)
    puma (4.3.10)
      nio4r (~> 2.0)
    racc (1.6.0)
    rack (2.2.3)
    rack-proxy (0.7.2)
      rack
    rack-test (1.1.0)
      rack (>= 1.0, < 3)
    rails (6.0.4.4)
      actioncable (= 6.0.4.4)
      actionmailbox (= 6.0.4.4)
      actionmailer (= 6.0.4.4)
      actionpack (= 6.0.4.4)
      actiontext (= 6.0.4.4)
      actionview (= 6.0.4.4)
      activejob (= 6.0.4.4)
      activemodel (= 6.0.4.4)
      activerecord (= 6.0.4.4)
      activestorage (= 6.0.4.4)
      activesupport (= 6.0.4.4)
      bundler (>= 1.3.0)
      railties (= 6.0.4.4)
      sprockets-rails (>= 2.0.0)
    rails-dom-testing (2.0.3)
      activesupport (>= 4.2.0)
      nokogiri (>= 1.6)
    rails-html-sanitizer (1.4.2)
      loofah (~> 2.3)
    railties (6.0.4.4)
      actionpack (= 6.0.4.4)
      activesupport (= 6.0.4.4)
      method_source
      rake (>= 0.8.7)
      thor (>= 0.20.3, < 2.0)
    rake (13.0.6)
    rb-fsevent (0.11.1)
    rb-inotify (0.10.1)
      ffi (~> 1.0)
    rexml (3.2.5)
    rotp (6.3.0)
    rqrcode (2.2.0)
      chunky_png (~> 1.0)
      rqrcode_core (~> 1.0)
    rqrcode_core (1.2.0)
    ruby-vips (2.1.4)
      ffi (~> 1.12)
    rubyXL (3.4.21)
      nokogiri (>= 1.10.8)
      rubyzip (>= 1.3.0)
    rubyzip (2.3.2)
    sass-rails (6.0.0)
      sassc-rails (~> 2.1, >= 2.1.1)
    sassc (2.4.0)
      ffi (~> 1.9)
    sassc-rails (2.1.2)
      railties (>= 4.0.0)
      sassc (>= 2.0)
      sprockets (> 3.0)
      sprockets-rails
      tilt
    selenium-webdriver (4.1.0)
      childprocess (>= 0.5, < 5.0)
      rexml (~> 3.2, >= 3.2.5)
      rubyzip (>= 1.2.2)
    spring (2.1.1)
    spring-watcher-listen (2.0.1)
      listen (>= 2.7, < 4.0)
      spring (>= 1.2, < 3.0)
    sprockets (4.0.2)
      concurrent-ruby (~> 1.0)
      rack (> 1, < 3)
    sprockets-rails (3.4.2)
      actionpack (>= 5.2)
      activesupport (>= 5.2)
      sprockets (>= 3.0.0)
    sqlite3 (1.3.13)
    sshkit (1.21.2)
      net-scp (>= 1.1.2)
      net-ssh (>= 2.8.0)
    thor (1.2.1)
    thread_safe (0.3.6)
    tilt (2.0.10)
    ttfunk (1.8.0)
      bigdecimal (~> 3.1)
    tzinfo (1.2.9)
      thread_safe (~> 0.1)
    web-console (4.2.0)
      actionview (>= 6.0.0)
      activemodel (>= 6.0.0)
      bindex (>= 0.4.0)
      railties (>= 6.0.0)
    webpacker (3.3.1)
      activesupport (>= 4.2)
      rack-proxy (>= 0.6.1)
      railties (>= 4.2)
    webrick (1.9.1)
    websocket-driver (0.7.5)
      websocket-extensions (>= 0.1.0)
    websocket-extensions (0.1.5)
    wicked_pdf (2.1.0)
      activesupport
    wkhtmltopdf-binary (0.12.6.5)
    zeitwerk (2.5.4)

PLATFORMS
  ruby

DEPENDENCIES
  active_storage_validations
  aws-sdk-s3
  bcrypt (~> 3.1.13)
  bootsnap (~> 1.18, >= 1.18.3)
  byebug
  capistrano (~> 3.11)
  capistrano-db-tasks
  capistrano-passenger (~> 0.2.0)
  capistrano-rails (~> 1.4)
  capistrano-rbenv (~> 2.1, >= 2.1.4)
  capistrano3-puma
  chartkick
  csv-xlsx-converter
  database_cleaner
  execjs
  ferrum
  httparty (~> 0.23.1)
  image_processing (~> 1.2)
  jbuilder (~> 2.7)
  jquery-rails
  listen (~> 3.2)
  materialize-sass (~> 1.0.0)
  mini_magick
  pg
  prawn
  prawn-table
  puma (~> 4.1)
  rails (~> 6.0.3)
  rotp (~> 6.3)
  rqrcode (~> 2.2)
  rubyzip (>= 1.2.1)
  sass-rails (>= 6)
  selenium-webdriver
  spring
  spring-watcher-listen (~> 2.0.0)
  sqlite3
  tzinfo-data
  web-console (>= 3.3.0)
  webpacker (= 3.3.1)
  wicked_pdf
  wkhtmltopdf-binary

RUBY VERSION
   ruby 2.7.1p83

BUNDLED WITH
   2.1.4
